GEM
  remote: http://rubygems.org/
  specs:
    actionmailer (2.2.3)
      actionpack (= 2.2.3)
    actionpack (2.2.3)
      activesupport (= 2.2.3)
    activerecord (2.2.3)
      activesupport (= 2.2.3)
    activeresource (2.2.3)
      activesupport (= 2.2.3)
    activesupport (2.2.3)
    awesome_nested_set (1.4.4)
      activerecord (>= 1.1)
    rails (2.2.3)
      actionmailer (= 2.2.3)
      actionpack (= 2.2.3)
      activerecord (= 2.2.3)
      activeresource (= 2.2.3)
      activesupport (= 2.2.3)
      rake (>= 0.8.3)
    rake (0.9.2.2)
    rspec (1.3.2)
    sqlite3 (1.3.5)
    sqlite3-ruby (1.3.3)
      sqlite3 (>= 1.3.3)

PLATFORMS
  ruby

DEPENDENCIES
  activerecord (= 2.2.3)
  activesupport (= 2.2.3)
  awesome_nested_set (~> 1.4.4)
  bundler
  rails (= 2.2.3)
  rake
  rspec (~> 1.3)
  sqlite3-ruby
